GEM
  remote: http://rubygems.org/
  specs:
    actionmailer (2.3.5)
      actionpack (= 2.3.5)
    actionpack (2.3.5)
      activesupport (= 2.3.5)
      rack (~> 1.0.0)
    activerecord (2.3.5)
      activesupport (= 2.3.5)
    activeresource (2.3.5)
      activesupport (= 2.3.5)
    activesupport (2.3.5)
    gemcutter (0.5.0)
      json_pure
    git (1.2.5)
    jeweler (1.4.0)
      gemcutter (>= 0.1.0)
      git (>= 1.2.5)
      rubyforge (>= 2.0.0)
    json_pure (1.4.6)
    rack (1.0.1)
    rack-test (0.5.4)
      rack (>= 1.0)
    rails (2.3.5)
      actionmailer (= 2.3.5)
      actionpack (= 2.3.5)
      activerecord (= 2.3.5)
      activeresource (= 2.3.5)
      activesupport (= 2.3.5)
      rake (>= 0.8.3)
    rake (0.8.7)
    rspec (1.3.0)
    rubyforge (2.0.4)
      json_pure (>= 1.1.7)
    selenium-client (1.2.18)
    selenium-rc (2.2.1)
      selenium-client (>= 1.2.18)

PLATFORMS
  ruby

DEPENDENCIES
  gemcutter (= 0.5.0)
  jeweler (= 1.4.0)
  json_pure (~> 1.4.3)
  rack (~> 1.0.0)
  rack-test
  rails (~> 2.3.5)
  rake (= 0.8.7)
  rspec (= 1.3.0)
  selenium-client (= 1.2.18)
  selenium-rc (= 2.2.1)
